GEM
  remote: https://rubygems.org/
  specs:
    colorize (0.7.7)
    require_all (1.3.2)

PLATFORMS
  ruby

DEPENDENCIES
  colorize
  require_all
